GEM
  remote: https://rubygems.org/
  specs:
    power_assert (1.2.0)
    ruby-odbc (0.99999)
    sequel (5.37.0)
    test-unit (3.3.6)
      power_assert

PLATFORMS
  ruby

DEPENDENCIES
  ruby-odbc (~> 0.99999)
  sequel (~> 5.37)
  test-unit (~> 3.3)

BUNDLED WITH
   2.1.4
